GEM
  remote: https://rubygems.org/
  specs:
    activemodel (7.0.6)
      activesupport (= 7.0.6)
    activerecord (7.0.6)
      activemodel (= 7.0.6)
      activesupport (= 7.0.6)
    activesupport (7.0.6)
      concurrent-ruby (~> 1.0, >= 1.0.2)
      i18n (>= 1.6, < 2)
      minitest (>= 5.1)
      tzinfo (~> 2.0)
    ansi (1.5.0)
    builder (3.2.4)
    coderay (1.1.3)
    concurrent-ruby (1.2.2)
    i18n (1.14.1)
      concurrent-ruby (~> 1.0)
    method_source (1.0.0)
    mini_portile2 (2.8.4)
    minitest (5.19.0)
    minitest-reporters (1.6.1)
      ansi
      builder
      minitest (>= 5.0)
      ruby-progressbar
    mysql2 (0.5.5)
    pry (0.14.2)
      coderay (~> 1.1)
      method_source (~> 1.0)
    ptools (1.5.0)
    ruby-progressbar (1.13.0)
    sqlite3 (1.6.3)
      mini_portile2 (~> 2.8.0)
    tzinfo (2.0.6)
      concurrent-ruby (~> 1.0)

PLATFORMS
  ruby

DEPENDENCIES
  activerecord
  minitest-reporters
  mysql2
  pry
  ptools
  sqlite3

BUNDLED WITH
   2.2.33
